GEM
  remote: http://rubygems.org/
  specs:
    ZenTest (4.5.0)
    aaronh-chronic (0.3.9)
    abstract (1.0.0)
    actionmailer (3.0.3)
      actionpack (= 3.0.3)
      mail (~> 2.2.9)
    actionpack (3.0.3)
      activemodel (= 3.0.3)
      activesupport (= 3.0.3)
      builder (~> 2.1.2)
      erubis (~> 2.6.6)
      i18n (~> 0.4)
      rack (~> 1.2.1)
      rack-mount (~> 0.6.13)
      rack-test (~> 0.5.6)
      tzinfo (~> 0.3.23)
    activemodel (3.0.3)
      activesupport (= 3.0.3)
      builder (~> 2.1.2)
      i18n (~> 0.4)
    activerecord (3.0.3)
      activemodel (= 3.0.3)
      activesupport (= 3.0.3)
      arel (~> 2.0.2)
      tzinfo (~> 0.3.23)
    activeresource (3.0.3)
      activemodel (= 3.0.3)
      activesupport (= 3.0.3)
    activesupport (3.0.3)
    arel (2.0.6)
    autotest (4.4.6)
      ZenTest (>= 4.4.1)
    autotest-fsevent (0.2.5)
      sys-uname
    bcrypt-ruby (2.1.4)
    builder (2.1.2)
    capistrano (2.5.19)
      highline
      net-scp (>= 1.0.0)
      net-sftp (>= 2.0.0)
      net-ssh (>= 2.0.14)
      net-ssh-gateway (>= 1.0.0)
    capistrano-ext (1.2.1)
      capistrano (>= 1.0.0)
    daemons (1.1.0)
    delayed_job (2.1.4.exp1)
      activesupport (~> 3.0)
      daemons
    devise (1.2.1)
      bcrypt-ruby (~> 2.1.2)
      orm_adapter (~> 0.0.3)
      warden (~> 1.0.3)
    diff-lcs (1.1.2)
    erubis (2.6.6)
      abstract (>= 1.0.0)
    excon (0.6.1)
    fakeweb (1.3.0)
    flutie (1.1.5)
    fog (0.7.2)
      builder
      excon (>= 0.6.1)
      formatador (>= 0.1.3)
      json
      mime-types
      net-ssh (>= 2.1.3)
      nokogiri (>= 1.4.4)
      ruby-hmac
    formatador (0.1.3)
    formtastic (1.2.2)
      actionpack (>= 2.3.7)
      activesupport (>= 2.3.7)
      i18n (>= 0.4.0)
    haml (3.0.22)
    has_scope (0.5.0)
    highline (1.6.1)
    hoptoad_notifier (2.4.6)
      activesupport
      builder
    i18n (0.5.0)
    inherited_resources (1.1.2)
      has_scope (~> 0.5.0)
      responders (~> 0.6.0)
    json (1.5.1)
    mail (2.2.11)
      activesupport (>= 2.3.6)
      i18n (~> 0.5.0)
      mime-types (~> 1.16)
      treetop (~> 1.4.8)
    mime-types (1.16)
    mysql (2.8.1)
    net-scp (1.0.4)
      net-ssh (>= 1.99.1)
    net-sftp (2.0.5)
      net-ssh (>= 2.0.9)
    net-ssh (2.1.4)
    net-ssh-gateway (1.0.1)
      net-ssh (>= 1.99.1)
    newrelic_rpm (2.13.4)
    nokogiri (1.4.4)
    orm_adapter (0.0.4)
    polyglot (0.3.1)
    rack (1.2.1)
    rack-mount (0.6.13)
      rack (>= 1.0.0)
    rack-test (0.5.6)
      rack (>= 1.0)
    rails (3.0.3)
      actionmailer (= 3.0.3)
      actionpack (= 3.0.3)
      activerecord (= 3.0.3)
      activeresource (= 3.0.3)
      activesupport (= 3.0.3)
      bundler (~> 1.0)
      railties (= 3.0.3)
    railties (3.0.3)
      actionpack (= 3.0.3)
      activesupport (= 3.0.3)
      rake (>= 0.8.7)
      thor (~> 0.14.4)
    rake (0.8.7)
    responders (0.6.2)
    rspec (2.5.0)
      rspec-core (~> 2.5.0)
      rspec-expectations (~> 2.5.0)
      rspec-mocks (~> 2.5.0)
    rspec-core (2.5.1)
    rspec-expectations (2.5.0)
      diff-lcs (~> 1.1.2)
    rspec-mocks (2.5.0)
    rspec-rails (2.5.0)
      actionpack (~> 3.0)
      activesupport (~> 3.0)
      railties (~> 3.0)
      rspec (~> 2.5.0)
    ruby-hmac (0.4.0)
    shoulda (2.11.3)
    sys-uname (0.8.5)
    thor (0.14.6)
    timecop (0.3.5)
    treetop (1.4.9)
      polyglot (>= 0.3.1)
    tzinfo (0.3.23)
    warden (1.0.3)
      rack (>= 1.0.0)
    whenever (0.6.7)
      aaronh-chronic (>= 0.3.9)
      activesupport (>= 2.3.4)

PLATFORMS
  ruby

DEPENDENCIES
  autotest
  autotest-fsevent
  capistrano
  capistrano-ext
  delayed_job (= 2.1.4.exp1)
  devise
  fakeweb
  flutie
  fog (~> 0.7, >= 0.7.2)
  formtastic
  haml
  has_scope
  hoptoad_notifier
  inherited_resources
  mysql (~> 2.8.0)
  newrelic_rpm
  rails (= 3.0.3)
  rspec (>= 2.5)
  rspec-rails (>= 2.5)
  shoulda
  timecop
  whenever
